GEM
  remote: http://rubygems.org/
  specs:
    coderay (1.0.8)
    erubis (2.7.0)
    htmlentities (4.3.1)
    maruku (0.6.1)
      syntax (>= 1.0.0)
    nokogiri (1.5.5)
    syntax (1.0.0)

PLATFORMS
  ruby

DEPENDENCIES
  coderay
  erubis
  htmlentities
  maruku
  nokogiri
