GEM
  remote: http://rubygems.org/
  specs:
    coderay (1.0.8)
    erubis (2.7.0)
    htmlentities (4.3.1)
    maruku (0.6.1)
      syntax (>= 1.0.0)
    mini_portile2 (2.8.0)
    nokogiri (1.13.9)
      mini_portile2 (~> 2.8.0)
      racc (~> 1.4)
    pdfkit (0.8.7.2)
    racc (1.6.0)
    syntax (1.0.0)

PLATFORMS
  ruby

DEPENDENCIES
  coderay
  erubis
  htmlentities
  maruku
  nokogiri
  pdfkit
